PATH
  remote: .
  specs:
    twit-stocks (0.0.1)

GEM
  remote: https://rubygems.org/
  specs:
    addressable (2.3.6)
    buftok (0.2.0)
    equalizer (0.0.9)
    faraday (0.9.0)
      multipart-post (>= 1.2, < 3)
    http (0.5.0)
      http_parser.rb
    http_parser.rb (0.6.0)
    json (1.8.1)
    market_beat (0.2.0)
    memoizable (0.4.2)
      thread_safe (~> 0.3, >= 0.3.1)
    multipart-post (2.0.0)
    naught (1.0.0)
    simple_oauth (0.2.0)
    thread_safe (0.3.3)
    twitter (5.7.1)
      addressable (~> 2.3)
      buftok (~> 0.2.0)
      equalizer (~> 0.0.9)
      faraday (~> 0.9.0)
      http (~> 0.5.0)
      http_parser.rb (~> 0.6.0)
      json (~> 1.8)
      memoizable (~> 0.4.0)
      naught (~> 1.0)
      simple_oauth (~> 0.2.0)

PLATFORMS
  ruby

DEPENDENCIES
  market_beat
  twit-stocks!
  twitter
